GEM
  remote: https://rubygems.org/
  specs:
    addressable (2.3.6)
    ashikawa-core (0.12.0)
      equalizer (~> 0.0.8)
      faraday (~> 0.9.0)
      faraday_middleware (~> 0.9.1)
    bindata (1.8.3)
    coderay (1.1.0)
    cookiejar (0.3.2)
    em-http-request (1.1.2)
      addressable (>= 2.3.4)
      cookiejar
      em-socksify (>= 0.3)
      eventmachine (>= 1.0.3)
      http_parser.rb (>= 0.6.0)
    em-socksify (0.3.0)
      eventmachine (>= 1.0.0.beta.4)
    equalizer (0.0.9)
    escape_utils (1.0.1)
    eventmachine (1.0.3)
    faraday (0.9.0)
      multipart-post (>= 1.2, < 3)
    faraday_middleware (0.9.1)
      faraday (>= 0.7.4, < 0.10)
    fb (0.7.4)
    htmlentities (4.3.2)
    http_parser.rb (0.6.0)
    method_source (0.8.2)
    multipart-post (2.0.0)
    net-http-persistent (2.9.4)
    netrc (0.7.7)
    orientdb-binary (1.0.0)
      bindata (~> 1.8)
    pry (0.10.1)
      coderay (~> 1.1.0)
      method_source (~> 0.8.1)
      slop (~> 3.4)
    rest_client (1.7.3)
      netrc (~> 0.7.7)
    sequel (4.14.0)
    slop (3.6.0)

PLATFORMS
  ruby

DEPENDENCIES
  ashikawa-core
  em-http-request
  escape_utils
  fb
  htmlentities
  net-http-persistent
  orientdb-binary
  pry
  rest_client
  sequel
